GEM
  remote: https://rubygems.org/
  specs:
    ast (2.4.2)
    nio4r (2.5.8)
    parallel (1.22.1)
    parser (3.1.2.1)
      ast (~> 2.4.1)
    puma (5.6.2)
      nio4r (~> 2.0)
    rack (3.0.0)
    rainbow (3.1.1)
    regexp_parser (2.6.0)
    rexml (3.2.5)
    rubocop (1.24.0)
      parallel (~> 1.10)
      parser (>= 3.0.0.0)
      rainbow (>= 2.2.2, < 4.0)
      regexp_parser (>= 1.8, < 3.0)
      rexml
      rubocop-ast (>= 1.15.0, < 2.0)
      ruby-progressbar (~> 1.7)
      unicode-display_width (>= 1.4.0, < 3.0)
    rubocop-ast (1.15.0)
      parser (>= 3.0.1.1)
    ruby-progressbar (1.11.0)
    sequel (5.62.0)
    unicode-display_width (2.3.0)

PLATFORMS
  ruby

DEPENDENCIES
  puma (~> 5.0)
  rack (~> 3.0.0)
  rubocop (= 1.24.0)
  rubocop-ast (= 1.15.0)
  sequel

RUBY VERSION
   ruby 2.7.5p203

BUNDLED WITH
   2.1.4
